GEM
  remote: https://rubygems.org/
  specs:
    base64 (0.3.0)
    bigdecimal (3.2.2)
    builder (3.3.0)
    bundle (0.0.1)
      bundler
    concurrent-ruby (1.3.5)
    cucumber (10.0.0)
      base64 (~> 0.2)
      builder (~> 3.2)
      cucumber-ci-environment (> 9, < 11)
      cucumber-core (> 15, < 17)
      cucumber-cucumber-expressions (> 17, < 19)
      cucumber-html-formatter (> 20.3, < 22)
      diff-lcs (~> 1.5)
      logger (~> 1.6)
      mini_mime (~> 1.1)
      multi_test (~> 1.1)
      sys-uname (~> 1.3)
    cucumber-ci-environment (10.0.1)
    cucumber-core (15.1.0)
      cucumber-gherkin (> 27, < 31)
      cucumber-messages (> 26, < 29)
      cucumber-tag-expressions (> 5, < 7)
    cucumber-cucumber-expressions (18.0.1)
      bigdecimal
    cucumber-gherkin (30.0.4)
      cucumber-messages (> 25, < 28)
    cucumber-html-formatter (21.13.0)
      cucumber-messages (> 19, < 28)
    cucumber-messages (27.2.0)
    cucumber-tag-expressions (6.1.2)
    diff-lcs (1.6.2)
    faker (2.23.0)
      i18n (>= 1.8.11, < 2)
    ffi (1.17.2-x64-mingw-ucrt)
    httparty (0.20.0)
      mime-types (~> 3.0)
      multi_xml (>= 0.5.2)
    i18n (1.14.7)
      concurrent-ruby (~> 1.0)
    logger (1.7.0)
    mime-types (3.7.0)
      logger
      mime-types-data (~> 3.2025, >= 3.2025.0507)
    mime-types-data (3.2025.0729)
    mini_mime (1.1.5)
    multi_test (1.1.0)
    multi_xml (0.7.2)
      bigdecimal (~> 3.1)
    rspec (3.13.1)
      rspec-core (~> 3.13.0)
      rspec-expectations (~> 3.13.0)
      rspec-mocks (~> 3.13.0)
    rspec-core (3.13.5)
      rspec-support (~> 3.13.0)
    rspec-expectations (3.13.5)
      diff-lcs (>= 1.2.0, < 2.0)
      rspec-support (~> 3.13.0)
    rspec-mocks (3.13.5)
      diff-lcs (>= 1.2.0, < 2.0)
      rspec-support (~> 3.13.0)
    rspec-support (3.13.4)
    sys-uname (1.3.1)
      ffi (~> 1.1)

PLATFORMS
  x64-mingw-ucrt

DEPENDENCIES
  bundle (~> 0.0.1)
  cucumber (~> 10.0.0)
  faker (~> 2.19)
  httparty (~> 0.20.0)
  rspec (~> 3.10)

BUNDLED WITH
   2.7.1
